GEM
  remote: https://rubygems.org/
  specs:
    addressable (2.4.0)
    chronic (0.10.2)
    launchy (2.4.3)
      addressable (~> 2.3)
    mini_portile2 (2.0.0)
    nokogiri (1.6.7.2-x86-mingw32)
      mini_portile2 (~> 2.0.0.rc2)
    rack (1.6.4)
    rack-protection (1.5.3)
      rack
    sinatra (1.4.7)
      rack (~> 1.5)
      rack-protection (~> 1.4)
      tilt (>= 1.3, < 3)
    sqlite3 (1.3.11-x86-mingw32)
    tilt (2.0.4)

PLATFORMS
  x86-mingw32

DEPENDENCIES
  chronic
  launchy
  nokogiri
  sinatra
  sqlite3

BUNDLED WITH
   1.11.2
